GEM
  remote: https://rubygems.org/
  specs:
    concurrent-ruby (1.0.2)
    rack (2.0.1)
    sprockets (3.7.0)
      concurrent-ruby (~> 1.0)
      rack (> 1, < 3)

PLATFORMS
  ruby

DEPENDENCIES
  sprockets

BUNDLED WITH
   1.13.1
